GEM
  remote: https://rubygems.org/
  specs:
    minitest (5.13.0)
    rack (2.1.0)
    rack-cache (1.11.0)
      rack (>= 0.4)
    rack-test (1.1.0)
      rack (>= 1.0, < 3)
    shotgun (0.9.2)
      rack (>= 1.0)

PLATFORMS
  ruby

DEPENDENCIES
  minitest
  rack
  rack-cache
  rack-test
  shotgun

BUNDLED WITH
   2.1.4
