GEM
  remote: https://rubygems.org/
  specs:
    rack (2.1.4.1)
    rack-cache (1.11.0)
      rack (>= 0.4)
    shotgun (0.9.2)
      rack (>= 1.0)

PLATFORMS
  ruby

DEPENDENCIES
  rack
  rack-cache
  shotgun

BUNDLED WITH
   2.1.4
